PATH
  remote: .
  specs:
    zipping (0.2.3)
      rubyzip (>= 1.0.0)
      zip-zip (~> 0.2)

GEM
  remote: https://rubygems.org/
  specs:
    rake (10.0.3)
    rubyzip (1.1.0)
    zip-zip (0.2)
      rubyzip (>= 1.0.0)

PLATFORMS
  ruby

DEPENDENCIES
  bundler (~> 1.3)
  rake
  zipping!
